GIT
  remote: https://github.com/DatabaseCleaner/database_cleaner
  revision: f93c623d52f7996e2f81fd0bb81f150312b415a6
  branch: master
  specs:
    database_cleaner-core (2.0.0.beta)

PATH
  remote: .
  specs:
    database_cleaner-mongo (1.8.0)
      database_cleaner-core (= 2.0.0.beta)
      mongo

GEM
  remote: https://rubygems.org/
  specs:
    bson (4.5.0)
    byebug (10.0.2)
    diff-lcs (1.3)
    mongo (2.10.4)
      bson (>= 4.4.2, < 5.0.0)
    rake (10.4.2)
    rspec (3.7.0)
      rspec-core (~> 3.7.0)
      rspec-expectations (~> 3.7.0)
      rspec-mocks (~> 3.7.0)
    rspec-core (3.7.1)
      rspec-support (~> 3.7.0)
    rspec-expectations (3.7.0)
      diff-lcs (>= 1.2.0, < 2.0)
      rspec-support (~> 3.7.0)
    rspec-mocks (3.7.0)
      diff-lcs (>= 1.2.0, < 2.0)
      rspec-support (~> 3.7.0)
    rspec-support (3.7.1)

PLATFORMS
  ruby

DEPENDENCIES
  bundler (~> 1.16)
  byebug
  database_cleaner-core!
  database_cleaner-mongo!
  rake (~> 10.0)
  rspec (~> 3.0)

BUNDLED WITH
   1.17.3
